RESTRICTION: || (== net50) (== netstandard2.0)
NUGET
  remote: https://api.nuget.org/v3/index.json
    Expecto (9.0.2)
      FSharp.Core (>= 4.6)
      Mono.Cecil (>= 0.11.2)
    Fable.Core (3.2.2)
      FSharp.Core (>= 4.7)
    Fable.Mocha (2.9.1)
      Fable.Core (>= 3.0)
      FSharp.Core (>= 4.7)
    FSharp.Core (4.7.2)
    Mono.Cecil (0.11.3)

GROUP Build
STORAGE: NONE
RESTRICTION: || (== net50) (== netstandard2.0)
